PATH
  remote: .
  specs:
    harvest (1.0.1)
      bcrypt_pbkdf
      ed25519
      net-ssh
      net-ssh-gateway
      net-ssh-telnet

GEM
  remote: https://rubygems.org/
  specs:
    bcrypt_pbkdf (1.0.1)
    ed25519 (1.2.4)
    net-ssh (6.1.0)
    net-ssh-gateway (2.0.0)
      net-ssh (>= 4.0.0)
    net-ssh-telnet (0.2.1)
      net-ssh (>= 2.0.1)
    rake (12.3.3)

PLATFORMS
  ruby

DEPENDENCIES
  bundler (~> 1.17)
  harvest!
  rake (~> 12.0)

BUNDLED WITH
   1.17.2
